GEM
  remote: https://rubygems.org/
  specs:
    addressable (2.4.0)
    builder (3.2.2)
    byebug (8.2.2)
    capybara (2.6.2)
      addressable
      mime-types (>= 1.16)
      nokogiri (>= 1.3.3)
      rack (>= 1.0.0)
      rack-test (>= 0.5.4)
      xpath (~> 2.0)
    coveralls (0.8.13)
      json (~> 1.8)
      simplecov (~> 0.11.0)
      term-ansicolor (~> 1.3)
      thor (~> 0.19.1)
      tins (~> 1.6.0)
    diff-lcs (1.2.5)
    docile (1.1.5)
    dotenv (2.1.0)
    json (1.8.3)
    jwt (1.5.3)
    mime-types (3.0)
      mime-types-data (~> 3.2015)
    mime-types-data (3.2016.0221)
    mini_portile2 (2.0.0)
    multi_json (1.11.2)
    nokogiri (1.6.7.2)
      mini_portile2 (~> 2.0.0.rc2)
    rack (1.6.4)
    rack-test (0.6.3)
      rack (>= 1.0)
    rake (11.1.0)
    rspec (3.4.0)
      rspec-core (~> 3.4.0)
      rspec-expectations (~> 3.4.0)
      rspec-mocks (~> 3.4.0)
    rspec-core (3.4.4)
      rspec-support (~> 3.4.0)
    rspec-expectations (3.4.0)
      diff-lcs (>= 1.2.0, < 2.0)
      rspec-support (~> 3.4.0)
    rspec-mocks (3.4.1)
      diff-lcs (>= 1.2.0, < 2.0)
      rspec-support (~> 3.4.0)
    rspec-support (3.4.1)
    simplecov (0.11.2)
      docile (~> 1.1.0)
      json (~> 1.8)
      simplecov-html (~> 0.10.0)
    simplecov-html (0.10.0)
    term-ansicolor (1.3.2)
      tins (~> 1.0)
    thor (0.19.1)
    tins (1.6.0)
    twilio-ruby (4.11.1)
      builder (>= 2.1.2)
      jwt (~> 1.0)
      multi_json (>= 1.3.0)
    xpath (2.0.0)
      nokogiri (~> 1.3)

PLATFORMS
  ruby

DEPENDENCIES
  byebug
  capybara
  coveralls
  dotenv
  rake
  rspec
  twilio-ruby (~> 4.11.1)

BUNDLED WITH
   1.11.2
