GEM
  remote: https://rubygems.org/
  specs:
    addressable (2.8.0)
      public_suffix (>= 2.0.2, < 5.0)
    ansi (1.5.0)
    ast (2.4.2)
    declarative (0.0.20)
    diff-lcs (1.4.4)
    docile (1.4.0)
    dotenv (2.7.6)
    faraday (1.7.1)
      faraday-em_http (~> 1.0)
      faraday-em_synchrony (~> 1.0)
      faraday-excon (~> 1.1)
      faraday-httpclient (~> 1.0.1)
      faraday-net_http (~> 1.0)
      faraday-net_http_persistent (~> 1.1)
      faraday-patron (~> 1.0)
      faraday-rack (~> 1.0)
      multipart-post (>= 1.2, < 3)
      ruby2_keywords (>= 0.0.4)
    faraday-em_http (1.0.0)
    faraday-em_synchrony (1.0.0)
    faraday-excon (1.1.0)
    faraday-httpclient (1.0.1)
    faraday-net_http (1.0.1)
    faraday-net_http_persistent (1.2.0)
    faraday-patron (1.0.0)
    faraday-rack (1.0.0)
    google-apis-core (0.4.1)
      addressable (~> 2.5, >= 2.5.1)
      googleauth (>= 0.16.2, < 2.a)
      httpclient (>= 2.8.1, < 3.a)
      mini_mime (~> 1.0)
      representable (~> 3.0)
      retriable (>= 2.0, < 4.a)
      rexml
      webrick
    google-apis-drive_v3 (0.13.0)
      google-apis-core (>= 0.4, < 2.a)
    google-apis-sheets_v4 (0.9.0)
      google-apis-core (>= 0.4, < 2.a)
    google_drive (3.0.7)
      google-apis-drive_v3 (>= 0.5.0, < 1.0.0)
      google-apis-sheets_v4 (>= 0.4.0, < 1.0.0)
      googleauth (>= 0.5.0, < 1.0.0)
      nokogiri (>= 1.5.3, < 2.0.0)
    googleauth (0.17.1)
      faraday (>= 0.17.3, < 2.0)
      jwt (>= 1.4, < 3.0)
      memoist (~> 0.16)
      multi_json (~> 1.11)
      os (>= 0.9, < 2.0)
      signet (~> 0.15)
    httpclient (2.8.3)
    jwt (2.2.3)
    memoist (0.16.2)
    mini_mime (1.1.1)
    mini_portile2 (2.6.1)
    multi_json (1.15.0)
    multipart-post (2.1.1)
    nokogiri (1.12.4)
      mini_portile2 (~> 2.6.1)
      racc (~> 1.4)
    os (1.1.1)
    parallel (1.20.1)
    parser (3.0.2.0)
      ast (~> 2.4.1)
    public_suffix (4.0.6)
    racc (1.5.2)
    rainbow (3.0.0)
    regexp_parser (2.1.1)
    representable (3.1.1)
      declarative (< 0.1.0)
      trailblazer-option (>= 0.1.1, < 0.2.0)
      uber (< 0.2.0)
    retriable (3.1.2)
    rexml (3.2.5)
    rspec (3.10.0)
      rspec-core (~> 3.10.0)
      rspec-expectations (~> 3.10.0)
      rspec-mocks (~> 3.10.0)
    rspec-core (3.10.1)
      rspec-support (~> 3.10.0)
    rspec-expectations (3.10.1)
      diff-lcs (>= 1.2.0, < 2.0)
      rspec-support (~> 3.10.0)
    rspec-mocks (3.10.2)
      diff-lcs (>= 1.2.0, < 2.0)
      rspec-support (~> 3.10.0)
    rspec-support (3.10.2)
    rubocop (1.20.0)
      parallel (~> 1.10)
      parser (>= 3.0.0.0)
      rainbow (>= 2.2.2, < 4.0)
      regexp_parser (>= 1.8, < 3.0)
      rexml
      rubocop-ast (>= 1.9.1, < 2.0)
      ruby-progressbar (~> 1.7)
      unicode-display_width (>= 1.4.0, < 3.0)
    rubocop-ast (1.11.0)
      parser (>= 3.0.1.1)
    ruby-progressbar (1.11.0)
    ruby2_keywords (0.0.5)
    signet (0.16.0)
      addressable (~> 2.8)
      faraday (>= 0.17.3, < 2.0)
      jwt (>= 1.5, < 3.0)
      multi_json (~> 1.10)
    simplecov (0.21.2)
      docile (~> 1.1)
      simplecov-html (~> 0.11)
      simplecov_json_formatter (~> 0.1)
    simplecov-console (0.9.1)
      ansi
      simplecov
      terminal-table
    simplecov-html (0.12.3)
    simplecov_json_formatter (0.1.3)
    terminal-table (3.0.1)
      unicode-display_width (>= 1.1.1, < 3)
    trailblazer-option (0.1.1)
    twilio-ruby (5.58.1)
      faraday (>= 0.9, < 2.0)
      jwt (>= 1.5, <= 2.5)
      nokogiri (>= 1.6, < 2.0)
    uber (0.1.0)
    unicode-display_width (2.0.0)
    webrick (1.7.0)

PLATFORMS
  ruby

DEPENDENCIES
  dotenv
  google_drive
  rspec
  rubocop (= 1.20)
  simplecov
  simplecov-console
  twilio-ruby

RUBY VERSION
   ruby 3.0.2p107

BUNDLED WITH
   2.2.26
