GEM
  remote: https://rubygems.org/
  specs:
    addressable (2.7.0)
      public_suffix (>= 2.0.2, < 5.0)
    ansi (1.5.0)
    ast (2.4.2)
    crack (0.4.5)
      rexml
    diff-lcs (1.3)
    docile (1.3.2)
    dotenv (2.7.6)
    faraday (1.3.0)
      faraday-net_http (~> 1.0)
      multipart-post (>= 1.2, < 3)
      ruby2_keywords
    faraday-net_http (1.0.1)
    hashdiff (1.0.1)
    jwt (2.2.2)
    mini_portile2 (2.5.0)
    multipart-post (2.1.1)
    nokogiri (1.11.2)
      mini_portile2 (~> 2.5.0)
      racc (~> 1.4)
    nokogiri (1.11.2-x64-mingw32)
      racc (~> 1.4)
    nokogiri (1.11.2-x86-linux)
      racc (~> 1.4)
    parallel (1.20.1)
    parser (3.0.0.0)
      ast (~> 2.4.1)
    power_assert (2.0.0)
    public_suffix (4.0.6)
    racc (1.5.2)
    rainbow (3.0.0)
    rake (13.0.3)
    regexp_parser (2.1.1)
    rexml (3.2.4)
    rspec (3.9.0)
      rspec-core (~> 3.9.0)
      rspec-expectations (~> 3.9.0)
      rspec-mocks (~> 3.9.0)
    rspec-core (3.9.1)
      rspec-support (~> 3.9.1)
    rspec-expectations (3.9.0)
      diff-lcs (>= 1.2.0, < 2.0)
      rspec-support (~> 3.9.0)
    rspec-mocks (3.9.1)
      diff-lcs (>= 1.2.0, < 2.0)
      rspec-support (~> 3.9.0)
    rspec-support (3.9.2)
    rubocop (1.11.0)
      parallel (~> 1.10)
      parser (>= 3.0.0.0)
      rainbow (>= 2.2.2, < 4.0)
      regexp_parser (>= 1.8, < 3.0)
      rexml
      rubocop-ast (>= 1.2.0, < 2.0)
      ruby-progressbar (~> 1.7)
      unicode-display_width (>= 1.4.0, < 3.0)
    rubocop-ast (1.4.1)
      parser (>= 2.7.1.5)
    ruby-progressbar (1.11.0)
    ruby2_keywords (0.0.4)
    simplecov (0.18.0)
      docile (~> 1.1)
      simplecov-html (~> 0.11.0)
    simplecov-console (0.6.0)
      ansi
      simplecov
      terminal-table
    simplecov-html (0.11.0)
    terminal-table (1.8.0)
      unicode-display_width (~> 1.1, >= 1.1.1)
    test-unit (3.1.5)
      power_assert
    twilio-ruby (5.48.0)
      faraday (>= 0.9, < 2.0)
      jwt (>= 1.5, <= 2.5)
      nokogiri (>= 1.6, < 2.0)
    unicode-display_width (1.6.1)
    vcr (6.0.0)
    webmock (3.12.1)
      addressable (>= 2.3.6)
      crack (>= 0.3.2)
      hashdiff (>= 0.4.0, < 2.0.0)

PLATFORMS
  ruby
  x64-mingw32
  x86-linux

DEPENDENCIES
  dotenv
  rake
  rspec
  rubocop (= 1.11.0)
  simplecov
  simplecov-console
  terminal-table
  test-unit (= 3.1.5)
  twilio-ruby (~> 5.48.0)
  vcr
  webmock

BUNDLED WITH
   2.2.14
