GEM
  remote: https://rubygems.org/
  specs:
    builder (3.2.2)
    jwt (1.2.1)
    multi_json (1.10.1)
    twilio-ruby (3.14.5)
      builder (>= 2.1.2)
      jwt (~> 1.0)
      multi_json (>= 1.3.0)
    vcr (2.9.3)

PLATFORMS
  ruby

DEPENDENCIES
  twilio-ruby
  vcr
