GEM
  remote: https://rubygems.org/
  specs:
    ansi (1.5.0)
    ast (2.4.0)
    diff-lcs (1.3)
    docile (1.3.2)
    jaro_winkler (1.5.4)
    jwt (2.2.1)
    nexmo (7.0.0)
      jwt (~> 2)
      sorbet-runtime (~> 0.5)
      zeitwerk (~> 2, >= 2.2)
    parallel (1.19.1)
    parser (2.7.0.3)
      ast (~> 2.4.0)
    rainbow (3.0.0)
    rspec (3.9.0)
      rspec-core (~> 3.9.0)
      rspec-expectations (~> 3.9.0)
      rspec-mocks (~> 3.9.0)
    rspec-core (3.9.1)
      rspec-support (~> 3.9.1)
    rspec-expectations (3.9.0)
      diff-lcs (>= 1.2.0, < 2.0)
      rspec-support (~> 3.9.0)
    rspec-mocks (3.9.1)
      diff-lcs (>= 1.2.0, < 2.0)
      rspec-support (~> 3.9.0)
    rspec-support (3.9.2)
    rubocop (0.79.0)
      jaro_winkler (~> 1.5.1)
      parallel (~> 1.10)
      parser (>= 2.7.0.1)
      rainbow (>= 2.2.2, < 4.0)
      ruby-progressbar (~> 1.7)
      unicode-display_width (>= 1.4.0, < 1.7)
    ruby-progressbar (1.10.1)
    simplecov (0.18.0)
      docile (~> 1.1)
      simplecov-html (~> 0.11.0)
    simplecov-console (0.6.0)
      ansi
      simplecov
      terminal-table
    simplecov-html (0.11.0)
    sorbet-runtime (0.5.5563)
    terminal-table (1.8.0)
      unicode-display_width (~> 1.1, >= 1.1.1)
    unicode-display_width (1.6.1)
    zeitwerk (2.3.0)

PLATFORMS
  ruby

DEPENDENCIES
  nexmo
  rspec
  rubocop (= 0.79.0)
  simplecov
  simplecov-console

BUNDLED WITH
   2.1.4
